GEM
  remote: https://rubygems.org/
  specs:
    builder (3.2.2)
    chef (11.6.2-x86-mingw32)
      erubis (~> 2.7)
      ffi (= 1.0.9)
      highline (~> 1.6, >= 1.6.9)
      json (>= 1.4.4, <= 1.7.7)
      mixlib-authentication (~> 1.3)
      mixlib-cli (~> 1.3)
      mixlib-config (~> 1.1, >= 1.1.2)
      mixlib-log (~> 1.3)
      mixlib-shellout (~> 1.1)
      net-ssh (~> 2.6)
      net-ssh-multi (~> 1.1.0)
      ohai (>= 0.6.0, < 7.0.0)
      rdp-ruby-wmi (= 0.3.1)
      rest-client (>= 1.0.4, < 1.7.0)
      systemu (= 2.2.0)
      win32-api (= 1.4.8)
      win32-dir (= 0.3.7)
      win32-event (= 0.5.2)
      win32-mutex (= 0.3.1)
      win32-process (= 0.6.5)
      win32-service (= 0.7.2)
      windows-api (= 0.4.0)
      windows-pr (= 1.2.1)
      yajl-ruby (~> 1.1)
    ci_reporter (1.9.0)
      builder (>= 2.1.2)
    diff-lcs (1.2.4)
    erubis (2.7.0)
    ffi (1.0.9-x86-mingw32)
    highline (1.6.19)
    ipaddress (0.8.0)
    json (1.7.7)
    knife-solo (0.3.0)
      chef (>= 10.12)
      erubis (~> 2.7.0)
      net-ssh (>= 2.2.2, < 3.0)
    mime-types (1.25)
    mixlib-authentication (1.3.0)
      mixlib-log
    mixlib-cli (1.3.0)
    mixlib-config (1.1.2)
    mixlib-log (1.6.0)
    mixlib-shellout (1.1.0-x86-mingw32)
      win32-process (~> 0.6.5)
    net-ssh (2.7.0)
    net-ssh-gateway (1.2.0)
      net-ssh (>= 2.6.5)
    net-ssh-multi (1.1)
      net-ssh (>= 2.1.4)
      net-ssh-gateway (>= 0.99.0)
    ohai (6.18.0)
      ipaddress
      mixlib-cli
      mixlib-config
      mixlib-log
      mixlib-shellout
      systemu
      yajl-ruby
    rake (10.1.0)
    rdp-ruby-wmi (0.3.1)
    rest-client (1.6.7)
      mime-types (>= 1.16)
    rspec (2.14.1)
      rspec-core (~> 2.14.0)
      rspec-expectations (~> 2.14.0)
      rspec-mocks (~> 2.14.0)
    rspec-core (2.14.5)
    rspec-expectations (2.14.3)
      diff-lcs (>= 1.1.3, < 2.0)
    rspec-mocks (2.14.3)
    serverspec (0.10.0)
      highline
      net-ssh
      rspec (>= 2.13.0)
    systemu (2.2.0)
    test-unit (2.5.5)
    win32-api (1.4.8-x86-mingw32)
    win32-dir (0.3.7)
      windows-pr (>= 1.0.9)
    win32-event (0.5.2)
      win32-ipc (>= 0.5.0)
    win32-ipc (0.6.1)
      ffi
    win32-mmap (0.4.0)
      ffi
    win32-mutex (0.3.1)
      test-unit (>= 2.0.3)
      win32-ipc (>= 0.5.0)
      win32-mmap (>= 0.2.2)
      win32-process (>= 0.6.1)
    win32-process (0.6.5)
      windows-pr (>= 1.1.2)
    win32-service (0.7.2-x86-mingw32)
      windows-pr (>= 1.0.8)
    windows-api (0.4.0)
      win32-api (>= 1.4.5)
    windows-pr (1.2.1)
      win32-api (>= 1.4.5)
      windows-api (>= 0.3.0)
    yajl-ruby (1.1.0-x86-mingw32)

PLATFORMS
  x86-mingw32

DEPENDENCIES
  ci_reporter
  knife-solo (~> 0.3.0.pre3)
  rake
  serverspec
